##TITLE= Parameter file, TopSpin 4.0.8
##JCAMPDX= 5.0
##DATATYPE= Parameter Values
##NPOINTS= 2	$$ modification sequence number
##ORIGIN= Bruker BioSpin GmbH
##OWNER= servicermn
$$ 2020-02-28 17:47:38.238 +0100  servicermn@rmn400s
$$ /opt/nmrdata/2020/UCCS/400.MOOC-200228/22//specpar
$$ process /opt/topspin4.0.8/prog/mod/acqdataserver
##$ANCIEN= (0..7)
0 0 0 0 0 0 0 0
##$BF1= 100.13
##$BF2= 100.13
##$BF3= 100.13
##$DEC= 1
##$DECB= 1
##$DEF19F= yes
##$DEFRSEL= yes
##$HPMOD= (0..32)
0 0 0 0 0 0 0 0 0 0 0 0 0 0 0 0 0 0 0 0 0 0 0 0 0 0 0 0 0 0 0 0 0
##$HPPRECH= (0..32)
-1 -1 -1 -1 -1 -1 -1 -1 -1 -1 -1 -1 -1 -1 -1 -1 -1 -1 -1 -1 -1 -1 -1 -1
-1 -1 -1 -1 -1 -1 -1 -1 -1
##$HPSELECT= yes
##$LOCSW19F= -1
##$LOCSW2H= -1
##$NUC1= 18
##$NUC2= 0
##$NUC3= 0
##$NUC4= 0
##$NUC5= 0
##$NUC6= 0
##$NUC7= 0
##$NUC8= 0
##$NUCARR= (0..123)
400.11 400.11 61.41932111 426.773226371 304.799700874 58.880531695 155.497938177
56.222708994 42.986450024 128.371188371 100.607739522 28.913216949 40.542794203
54.240740103 376.479547412 31.585867726 105.83669709 24.493273799 104.256098545
79.490601906 161.967496816 30.7124436 39.2024137 32.631871298 18.67062501
23.21445422 10.248037436 26.927519032 97.193708922 22.556337287 22.562350941
39.89220334 105.240725243 22.616201746 99.18414014 12.954673556 94.934395781
35.754033656 106.09105902 113.646016062 25.034094483 96.031817489 122.020362374
13.957097147 68.509290875 76.307030664 20.876627494 100.243479378 108.05577917
15.39463236 38.630392437 130.917808499 17.340055204 19.606182218 37.195417928
97.931603787 26.074872619 26.622099065 90.058063159 18.425669666 20.651153506
12.749293092 18.30943371 16.195728601 18.619250886 84.885257028 88.797112493
87.487072331 87.674619892 130.910986624 142.568231485 149.203547695 95.748631635
51.851123139 104.707754716 126.233780746 80.051952235 111.271335205 32.984752313
52.478995756 39.748755903 44.463936221 52.79171373 56.518102205 122.513682
21.805995 13.443696 16.684587 13.763784 99.467346 43.932078 12.283377 16.124433
96.186444 13.763784 19.285302 85.383474 11.523168 33.169119 70.016473237
19.2893031 45.6285444 32.5329441 16.0324077 10.0707687 47.97158856 16.670131026
90.12317706 91.03142676 9.131834564 31.07014194 6.8738898 7.4860581 86.010782462
6.9179019 71.662989904 26.453604741 228.55563552 230.798804222 83.705408659
64.294828217 7.36762554 14.523993 100
##$NUCOFFS= (0..127)
<1H> <13C> <15N> <2H> <79Br> <31P> <11B> <7Li> <23Na> <27Al> <> <> <> <>
<> <> <> <> <> <> <> <> <> <> <> <> <> <> <> <> <> <> <> <> <> <> <> <>
<> <> <> <> <> <> <> <> <> <> <> <> <> <> <> <> <> <> <> <> <> <> <> <>
<> <> <> <> <> <> <> <> <> <> <> <> <> <> <> <> <> <> <> <> <> <> <> <>
<> <> <> <> <> <> <> <> <> <> <> <> <> <> <> <> <> <> <> <> <> <> <> <>
<> <> <> <> <> <> <> <> <> <> <> <> <> <> <> <> <> <>
##$OBS= 1
##$OFFS= (0..127)
-0 0 0 0 0 0 0 0 0 0 0 0 0 0 0 0 0 0 0 0 0 0 0 0 0 0 0 0 0 0 0 0 0 0 0
0 0 0 0 0 0 0 0 0 0 0 0 0 0 0 0 0 0 0 0 0 0 0 0 0 0 0 0 0 0 0 0 0 0 0 0
0 0 0 0 0 0 0 0 0 0 0 0 0 0 0 0 0 0 0 0 0 0 0 0 0 0 0 0 0 0 0 0 0 0 0 0
0 0 0 0 0 0 0 0 0 0 0 0 0 0 0 0 0 0 0 0 0
##$OFFSF= (0..7)
0 0 0 0 0 0 0 0
##$OFFSH= (0..7)
0 0 0 0 0 0 0 0
##$OFFSX= (0..7)
0 0 0 0 0 0 0 0
##$OFFSXAS= (0..7)
0 0 0 0 0 0 0 0
##$OFSF1= 0
##$OFSF2= 0
##$OFSH1= 0
##$OFSH2= 0
##$OFSH3= 0
##$OFSX1= 0
##$OFSX2= 0
##$OFSY= 0
##$PACOIL= (0..32)
0 0 0 0 0 0 0 0 0 0 0 0 0 0 0 0 0 0 0 0 0 0 0 0 0 0 0 0 0 0 0 0 0
##$PRECHAN= (0..32)
-1 0 1 -1 2 -1 -1 -1 -1 -1 -1 -1 -1 -1 -1 -1 -1 -1 -1 -1 -1 -1 -1 -1 -1
-1 -1 -1 -1 -1 -1 -1 -1
##$RECPRE= (0..25)
-1 0 1 2 -1 -1 -1 -1 -1 -1 -1 -1 -1 -1 -1 -1 -1 -1 -1 -1 -1 -1 -1 -1 -1
-1
##$RECPRFX= (0..32)
1 1 1 0 0 0 0 0 0 0 0 0 0 0 0 0 0 0 0 0 0 0 0 0 0 0 0 0 0 0 0 0 0
##$RECSEL= (0..24)
0 1 2 3 4 5 6 7 8 9 10 11 12 13 14 15 16 17 18 19 20 21 22 23 24
##$SELREC= (0..24)
0 0 0 0 0 0 0 0 0 0 0 0 0 0 0 0 0 0 0 0 0 0 0 0 0
##$SFO1= 104.256099
##$SFO2= 400.11
##$SFO3= 400.11
##$SFO4= 400.112471
##$SFO5= 400.112471
##$SFO6= 400.112471
##$SFO7= 400.112471
##$SFO8= 400.112471
##$TY= (0..123)
0 0 0 0 0 0 0 0 0 0 0 0 0 0 0 0 0 0 0 0 0 0 0 0 0 0 0 0 0 0 0 0 0 0 0 0
0 0 0 0 0 0 0 0 0 0 0 0 0 0 0 0 0 0 0 0 0 0 0 0 0 0 0 0 0 0 0 0 0 0 0 0
0 0 0 0 0 0 0 0 0 0 0 0 0 0 0 0 0 0 0 0 0 0 0 0 0 0 0 0 0 0 0 0 0 0 0 0
0 0 0 0 0 0 0 0 0 0 0 0 0 0 0 0
##END=
