##TITLE= Parameter file, TopSpin 4.1.4
##JCAMPDX= 5.0
##DATATYPE= Parameter Values
##NPOINTS= 1	$$ modification sequence number
##ORIGIN= Bruker BioSpin GmbH
##OWNER= solidnmr
$$ 2023-06-15 15:59:20.749 +0200  solidnmr@CZC1249Y47
$$ /opt/nmrdata/data_CNRS/solidnmr_2023/900.JT-230612/16//specpar
$$ process /opt/topspin4.1.4/prog/mod/acqdataserver
##$ANCIEN= (0..7)
0 0 0 0 0 0 0 0
##$BF1= 100.13
##$BF2= 100.13
##$BF3= 100.13
##$DEC= 1
##$DECB= 1
##$DEF19F= yes
##$DEFRSEL= yes
##$HPMOD= (0..32)
0 0 0 0 0 0 0 0 0 0 0 0 0 0 0 0 0 0 0 0 0 0 0 0 0 0 0 0 0 0 0 0 0
##$HPPRECH= (0..32)
-1 -1 -1 -1 -1 -1 -1 -1 -1 -1 -1 -1 -1 -1 -1 -1 -1 -1 -1 -1 -1 -1 -1 -1
-1 -1 -1 -1 -1 -1 -1 -1 -1
##$HPSELECT= yes
##$LOCSW19F= -1
##$LOCSW2H= -1
##$NUC1= 1
##$NUC2= 0
##$NUC3= 22
##$NUC4= 0
##$NUC5= 0
##$NUC6= 0
##$NUC7= 0
##$NUC8= 0
##$NUCARR= (0..123)
900.23 900.23 138.19078614 960.22109314 685.785995645 132.478620998 349.863559733
126.49863617 96.717632413 288.82955914 226.363013546 65.053473529 91.219513698
122.039292851 847.062515225 71.066820881 238.12793937 55.108794761 234.571661776
178.85037753 364.419783707 69.1016548 88.203716191 73.420283168 42.008089658
52.231506641 23.057636002 60.585740067 218.681594018 50.750772328 50.764302785
89.755712711 236.78702878 50.885464741 223.159977201 29.147448889 213.59823827
80.445011917 238.700242588 255.698565494 56.325617647 216.067389114 274.540478419
31.402858125 154.142908012 171.68748148 46.971498761 225.543444154 243.120776991
34.63724948 86.916693369 294.559343044 39.014365791 44.113052455 83.688063485
220.341825191 58.66732293 59.898558499 202.62670315 41.456950847 46.464192149
28.685351828 41.19542503 36.439680984 41.892500126 190.988115604 199.789619303
196.842086237 197.264060047 294.543994123 320.772285196 335.701456454 215.430233327
116.662759199 235.587868407 284.020485469 180.113391218 250.355637428 74.214250018
118.075445127 89.432962251 100.041911734 118.77904689 127.163257974 275.650426
49.062535 30.247728 37.539591 30.967912 223.797178 98.845254 27.637061
36.279269 216.415292 30.967912 43.391086 192.109082 25.926624 74.629067
157.534002404 43.4000883 102.6622292 73.1977013 36.0722161 22.6587891 107.93397608
37.50706569 202.77320658 204.81672868 20.546228361 69.90646042 15.4659514
16.8433033 193.520498603 15.5649767 161.238592891 59.519453641 514.24018336
519.287214827 188.333508378 144.660551362 16.57683522 32.678349 100
##$NUCOFFS= (0..127)
<13C> <1H> <15N> <2H> <27Al> <14N> <31P> <11B> <71Ga> <95Mo> <33S> <25Mg>
<10B> <6Li> <19F> <43Ca> <109Ag> <35Cl> <17O> <115In> <3H> <29Si> <9Be>
<7Li> <3He> <207Pb> <23Na> <> <> <> <> <> <> <> <> <> <> <> <> <> <> <>
<> <> <> <> <> <> <> <> <> <> <> <> <> <> <> <> <> <> <> <> <> <> <> <>
<> <> <> <> <> <> <> <> <> <> <> <> <> <> <> <> <> <> <> <> <> <> <> <>
<> <> <> <> <> <> <> <> <> <> <> <> <> <> <> <> <> <> <> <> <> <> <> <>
<> <> <> <> <> <> <> <> <> <> <> <> <> <>
##$OBS= 1
##$OFFS= (0..127)
0 4231.08 0 0 0 0 0 0 0 0 0 0 0 0 0 0 0 0 0 0 0 0 0 0 0 0 0 0 0 0 0 0 0
0 0 0 0 0 0 0 0 0 0 0 0 0 0 0 0 0 0 0 0 0 0 0 0 0 0 0 0 0 0 0 0 0 0 0 0
0 0 0 0 0 0 0 0 0 0 0 0 0 0 0 0 0 0 0 0 0 0 0 0 0 0 0 0 0 0 0 0 0 0 0 0
0 0 0 0 0 0 0 0 0 0 0 0 0 0 0 0 0 0 0 0 0 0 0
##$OFFSF= (0..7)
0 0 0 0 0 0 0 0
##$OFFSH= (0..7)
0 0 0 0 0 0 0 0
##$OFFSX= (0..7)
0 0 0 0 0 0 0 0
##$OFFSXAS= (0..7)
0 0 0 0 0 0 0 0
##$OFSF1= 0
##$OFSF2= 0
##$OFSH1= 0
##$OFSH2= 0
##$OFSH3= 0
##$OFSX1= 0
##$OFSX2= 0
##$OFSY= 0
##$PACOIL= (0..32)
0 0 0 0 0 0 0 0 0 0 0 0 0 0 0 0 0 0 0 0 0 0 0 0 0 0 0 0 0 0 0 0 0
##$PRECHAN= (0..32)
-1 0 1 2 3 4 5 -1 -1 -1 -1 -1 -1 -1 -1 -1 -1 -1 -1 -1 -1 -1 -1 -1 -1 -1
-1 -1 -1 -1 -1 -1 -1
##$RECPRE= (0..25)
-1 0 1 2 4 -1 -1 -1 -1 -1 -1 -1 -1 -1 -1 -1 -1 -1 -1 -1 -1 -1 -1 -1 -1
-1
##$RECPRFX= (0..32)
1 1 1 0 1 0 0 0 0 0 0 0 0 0 0 0 0 0 0 0 0 0 0 0 0 0 0 0 0 0 0 0 0
##$RECSEL= (0..24)
0 1 2 3 4 5 6 7 8 9 10 11 12 13 14 15 16 17 18 19 20 21 22 23 24
##$SELREC= (0..24)
0 0 0 0 0 0 0 0 0 0 0 0 0 0 0 0 0 0 0 0 0 0 0 0 0
##$SFO1= 900.239106
##$SFO2= 900.23
##$SFO3= 88.207012
##$SFO4= 900.23
##$SFO5= 900.23
##$SFO6= 900.23
##$SFO7= 900.23
##$SFO8= 900.23
##$TY= (0..123)
0 0 0 0 0 0 0 0 0 0 0 0 0 0 0 0 0 0 0 0 0 0 0 0 0 0 0 0 0 0 0 0 0 0 0 0
0 0 0 0 0 0 0 0 0 0 0 0 0 0 0 0 0 0 0 0 0 0 0 0 0 0 0 0 0 0 0 0 0 0 0 0
0 0 0 0 0 0 0 0 0 0 0 0 0 0 0 0 0 0 0 0 0 0 0 0 0 0 0 0 0 0 0 0 0 0 0 0
0 0 0 0 0 0 0 0 0 0 0 0 0 0 0 0
##END=
